GEM
  remote: https://rubygems.org/
  specs:
    cuba (3.9.2)
      rack (>= 1.6.0)
    rack (2.0.7)
    tilt (2.0.9)

PLATFORMS
  ruby

DEPENDENCIES
  cuba!
  rack!
  tilt!

BUNDLED WITH
   1.16.1
